GEM
  remote: https://rubygems.org/
  specs:
    httparty (0.18.0)
      mime-types (~> 3.0)
      multi_xml (>= 0.5.2)
    mime-types (3.3.1)
      mime-types-data (~> 3.2015)
    mime-types-data (3.2019.1009)
    mini_portile2 (2.4.0)
    multi_xml (0.6.0)
    nokogiri (1.10.9-x64-mingw32)
      mini_portile2 (~> 2.4.0)
    to_lang (1.0.0)
      httparty (>= 0.8.0)

PLATFORMS
  x64-mingw32

DEPENDENCIES
  nokogiri
  to_lang

BUNDLED WITH
   2.1.4
